PATH
  remote: .
  specs:
    gravatarify (3.1.1)

GEM
  remote: http://rubygems.org/
  specs:
    activesupport (4.0.4)
      i18n (~> 0.6, >= 0.6.9)
      minitest (~> 4.2)
      multi_json (~> 1.3)
      thread_safe (~> 0.1)
      tzinfo (~> 0.3.37)
    i18n (0.6.11)
    minitest (4.7.5)
    multi_json (1.13.1)
    rake (0.9.2.2)
    rr (1.0.4)
    shoulda (3.0.1)
      shoulda-context (~> 1.0.0)
      shoulda-matchers (~> 1.0.0)
    shoulda-context (1.0.0)
    shoulda-matchers (1.0.0)
    thread_safe (0.3.6)
    tzinfo (0.3.55)

PLATFORMS
  ruby

DEPENDENCIES
  activesupport (>= 3.0.0)
  gravatarify!
  jruby-openssl
  rake
  rr (>= 0.10.5)
  shoulda (>= 2.10.2)
